GENERATE-LOAD-SCRIPTS: ON
RESTRICTION: == net471
NUGET
  remote: https://api.nuget.org/v3/index.json
    Accord (3.8)
    Accord.Controls (3.8)
      Accord (>= 3.8)
      Accord.MachineLearning (>= 3.8)
      Accord.Math (>= 3.8)
      Accord.Statistics (>= 3.8)
      ZedGraph (>= 5.1.7)
    Accord.MachineLearning (3.8)
      Accord (>= 3.8)
      Accord.Math (>= 3.8)
      Accord.Statistics (>= 3.8)
    Accord.Math (3.8)
      Accord (>= 3.8)
    Accord.Statistics (3.8)
      Accord (>= 3.8)
      Accord.Math (>= 3.8)
    Angara.Chart (0.3.1)
      Angara.Serialization (>= 0.3 < 0.4)
    Angara.Chart.CSharp (0.3.1)
      Angara.Chart (>= 0.3.1)
    Angara.Serialization (0.3)
    Angara.Serialization.Json (0.3)
      Angara.Serialization (>= 0.3)
      Newtonsoft.Json (>= 10.0.1)
    Angara.Statistics (0.1.4)
      Angara.Serialization
    DotNetZip (1.11)
    FSharp.Control.AsyncSeq (2.0.21)
      FSharp.Core (>= 3.1.2)
    FSharp.Core (4.3.4)
    Itis.Angara.Base (0.3.3)
      Angara.Chart (>= 0.3.1 < 0.4)
      Angara.Chart.CSharp (>= 0.3.1 < 0.4)
      Angara.Serialization (>= 0.3 < 0.4)
      Angara.Statistics (>= 0.1 < 1.0)
      Itis.Angara.Html (>= 0.3.3)
      Itis.Angara.Reinstate (>= 0.3.3)
      Itis.Angara.Table (>= 0.3.4 < 0.4)
      System.Collections.Immutable (>= 1.1.36)
    Itis.Angara.Html (0.3.3)
      Angara.Serialization (>= 0.3 < 0.4)
      Angara.Serialization.Json (>= 0.3 < 0.4)
      DotNetZip (>= 1.11 < 2.0)
      Itis.Angara.Reinstate (>= 0.3.3)
      Newtonsoft.Json (>= 10.0.1)
      Suave (>= 1.1.2 < 1.2)
    Itis.Angara.Reinstate (0.3.3)
      Angara.Serialization (>= 0.3 < 0.4)
      Angara.Serialization.Json (>= 0.3 < 0.4)
      Newtonsoft.Json (>= 10.0.1)
    Itis.Angara.Table (0.3.4)
      Angara.Serialization (>= 0.3 < 0.4)
      Angara.Statistics (>= 0.1 < 1.0)
      System.Collections.Immutable (>= 1.1.36)
    Newtonsoft.Json (11.0.2)
    Suave (1.1.3)
      FSharp.Core (>= 3.1.2.5)
    System.Collections.Immutable (1.5)
    ZedGraph (5.1.7)
GITHUB
  remote: mndrake/IfSharpLab
    src/DeedleFormat.fs (70afd1941012b5c691dd59bf9262b2b8dfa56e03)